PATH
  remote: /Users/alex/dev/erector
  specs:
    erector (0.9.0.pre1)
      treetop (>= 1.2.3)

GEM
  specs:
    ParseTree (3.0.7)
      RubyInline (>= 3.7.0)
      sexp_processor (>= 3.0.0)
    RubyInline (3.10.1)
      ZenTest (~> 4.3)
    ZenTest (4.6.2)
    bluecloth (2.1.0)
    diff-lcs (1.1.3)
    file-tail (1.0.7)
      tins (~> 0.3)
    nokogiri (1.5.0)
    polyglot (0.3.2)
    predicated (0.2.6)
    rack (1.3.3)
    rdiscount (1.6.8)
    ruby2ruby (1.3.1)
      ruby_parser (~> 2.0)
      sexp_processor (~> 3.0)
    ruby_parser (2.0.6)
      sexp_processor (~> 3.0)
    sexp_processor (3.0.7)
    sinatra (1.2.6)
      rack (~> 1.1)
      tilt (< 2.0, >= 1.2.2)
    sourcify (0.5.0)
      file-tail (>= 1.0.5)
      ruby2ruby (>= 1.2.5)
      ruby_parser (>= 2.0.5)
      sexp_processor (>= 3.0.5)
    tilt (1.3.3)
    tins (0.3.1)
    treetop (1.4.10)
      polyglot
      polyglot (>= 0.3.1)
    wrong (0.5.6)
      ParseTree (~> 3.0)
      diff-lcs (~> 1.1.2)
      file-tail (~> 1.0)
      predicated (>= 0.2.3)
      ruby2ruby (~> 1.2)
      ruby_parser (~> 2.0.4)
      sexp_processor (~> 3.0)
      sourcify (>= 0.3.0)

PLATFORMS
  ruby

DEPENDENCIES
  bluecloth
  erector!
  nokogiri
  rdiscount
  sinatra
  wrong
